GEM
  remote: http://rubygems.org/
  specs:
    actionpack (4.2.3)
      actionview (= 4.2.3)
      activesupport (= 4.2.3)
      rack (~> 1.6)
      rack-test (~> 0.6.2)
      rails-dom-testing (~> 1.0, >= 1.0.5)
      rails-html-sanitizer (~> 1.0, >= 1.0.2)
    actionview (4.2.3)
      activesupport (= 4.2.3)
      builder (~> 3.1)
      erubis (~> 2.7.0)
      rails-dom-testing (~> 1.0, >= 1.0.5)
      rails-html-sanitizer (~> 1.0, >= 1.0.2)
    activesupport (4.2.3)
      i18n (~> 0.7)
      json (~> 1.7, >= 1.7.7)
      minitest (~> 5.1)
      thread_safe (~> 0.3, >= 0.3.4)
      tzinfo (~> 1.1)
    addressable (2.3.8)
    atomic (1.1.99)
    autoprefixer-rails (5.2.1)
      execjs
      json
    backports (3.6.4)
    bootstrap-sass (3.3.5.1)
      autoprefixer-rails (>= 5.0.0.1)
      sass (>= 3.3.0)
    builder (3.2.2)
    celluloid (0.16.0)
      timers (~> 4.0.0)
    chunky_png (1.3.4)
    commonjs (0.2.7)
    compass (1.0.3)
      chunky_png (~> 1.2)
      compass-core (~> 1.0.2)
      compass-import-once (~> 1.0.5)
      rb-fsevent (>= 0.9.3)
      rb-inotify (>= 0.9)
      sass (>= 3.3.13, < 3.5)
    compass-core (1.0.3)
      multi_json (~> 1.0)
      sass (>= 3.3.0, < 3.5)
    compass-import-once (1.0.5)
      sass (>= 3.2, < 3.5)
    compass-slickmap (0.4.0)
      compass (>= 0.10)
      haml (>= 3.0)
    contracts (0.9)
    daemons (1.2.3)
    diff-lcs (1.2.5)
    em-websocket (0.5.1)
      eventmachine (>= 0.12.9)
      http_parser.rb (~> 0.6.0)
    erubis (2.7.0)
    eventmachine (1.0.7)
    execjs (2.5.2)
    extlib (0.9.16)
    fancy-buttons (1.2.0)
      compass (>= 0.11)
    fastimage (1.6.8)
      addressable (~> 2.3, >= 2.3.5)
    ffi (1.9.10)
    font-awesome-sass (4.3.2.1)
      sass (~> 3.2)
    haml (4.0.6)
      tilt
    hamster (1.0.0)
      atomic (~> 1.1)
    highline (1.7.2)
    hitimes (1.2.2)
    http_parser.rb (0.6.0)
    httpclient (2.6.0.1)
    i18n (0.7.0)
    json (1.8.3)
    json_pure (1.8.2)
    less (2.6.0)
      commonjs (~> 0.2.7)
    listen (2.10.1)
      celluloid (~> 0.16.0)
      rb-fsevent (>= 0.9.3)
      rb-inotify (>= 0.9)
    loofah (2.0.2)
      nokogiri (>= 1.5.9)
    middleman (0.14.1)
      builder
      compass (>= 0.10)
      compass-slickmap
      fancy-buttons
      haml (>= 3.0)
      json_pure
      less
      rack
      rack-test
      shotgun (>= 0.8)
      sinatra (>= 1.0)
      sinatra-content-for
      smusher
      sprockets
      templater
      thin
      yui-compressor
    middleman-compass (4.0.0.beta.1.1)
      compass (>= 1.0.0, < 2.0.0)
      middleman-core (>= 4.0.0.beta.1)
    middleman-core (4.0.0.beta.2)
      activesupport (~> 4.2.0)
      addressable (~> 2.3.5)
      backports (~> 3.6)
      bundler (~> 1.1)
      compass-import-once (~> 1.0.4)
      contracts (~> 0.9.0)
      erubis
      execjs (~> 2.0)
      fastimage (~> 1.6.2)
      hamster (~> 1.0)
      i18n (~> 0.7.0)
      listen (>= 2.7.9, < 3.0)
      padrino-helpers (~> 0.12.3)
      rack (>= 1.4.5, < 2.0)
      sass (>= 3.3.4)
      tilt (~> 1.4.1)
      uglifier (~> 2.6)
    middleman-deploy (1.0.0)
      middleman-core (>= 3.2)
      net-sftp
      ptools
    middleman-livereload (3.4.2)
      em-websocket (~> 0.5.1)
      middleman-core (>= 3.3)
      rack-livereload (~> 0.3.15)
    mini_portile (0.6.2)
    minitest (5.7.0)
    multi_json (1.11.2)
    net-sftp (2.1.2)
      net-ssh (>= 2.6.5)
    net-ssh (2.9.2)
    nokogiri (1.6.6.2)
      mini_portile (~> 0.6.0)
    padrino-helpers (0.12.5)
      i18n (~> 0.6, >= 0.6.7)
      padrino-support (= 0.12.5)
      tilt (~> 1.4.1)
    padrino-support (0.12.5)
      activesupport (>= 3.1)
    ptools (1.3.2)
    rack (1.6.4)
    rack-livereload (0.3.16)
      rack
    rack-protection (1.5.3)
      rack
    rack-test (0.6.3)
      rack (>= 1.0)
    rails-deprecated_sanitizer (1.0.3)
      activesupport (>= 4.2.0.alpha)
    rails-dom-testing (1.0.6)
      activesupport (>= 4.2.0.beta, < 5.0)
      nokogiri (~> 1.6.0)
      rails-deprecated_sanitizer (>= 1.0.1)
    rails-html-sanitizer (1.0.2)
      loofah (~> 2.0)
    railties (4.2.3)
      actionpack (= 4.2.3)
      activesupport (= 4.2.3)
      rake (>= 0.8.7)
      thor (>= 0.18.1, < 2.0)
    rake (10.4.2)
    rb-fsevent (0.9.5)
    rb-inotify (0.9.5)
      ffi (>= 0.5.0)
    sass (3.4.15)
    sass-rails (5.0.3)
      railties (>= 4.0.0, < 5.0)
      sass (~> 3.1)
      sprockets (>= 2.8, < 4.0)
      sprockets-rails (>= 2.0, < 4.0)
      tilt (~> 1.1)
    shotgun (0.9.1)
      rack (>= 1.0)
    sinatra (1.4.6)
      rack (~> 1.4)
      rack-protection (~> 1.4)
      tilt (>= 1.3, < 3)
    sinatra-content-for (0.1)
      sinatra
    smusher (0.4.9)
      httpclient (>= 2.2)
      json
      rake
    sprockets (3.2.0)
      rack (~> 1.0)
    sprockets-rails (2.3.2)
      actionpack (>= 3.0)
      activesupport (>= 3.0)
      sprockets (>= 2.8, < 4.0)
    templater (1.0.0)
      diff-lcs (>= 1.1.2)
      extlib (>= 0.9.5)
      highline (>= 1.4.0)
    thin (1.6.3)
      daemons (~> 1.0, >= 1.0.9)
      eventmachine (~> 1.0)
      rack (~> 1.0)
    thor (0.19.1)
    thread_safe (0.3.5)
    tilt (1.4.1)
    timers (4.0.1)
      hitimes
    tzinfo (1.2.2)
      thread_safe (~> 0.1)
    uglifier (2.7.1)
      execjs (>= 0.3.0)
      json (>= 1.8.0)
    yui-compressor (0.12.0)

PLATFORMS
  ruby

DEPENDENCIES
  bootstrap-sass (~> 3.3.4)
  font-awesome-sass (~> 4.3.0)
  haml
  middleman
  middleman-compass
  middleman-deploy (~> 1.0)
  middleman-livereload
  sass-rails (>= 3.2)
